GEM
  remote: https://rubygems.org/
  specs:
    backports (3.11.3)
    dotenv (2.3.0)
    multi_json (1.13.1)
    puma (3.11.2)
    rack (1.6.4)
    rack-protection (1.5.3)
      rack
    rack-proxy (0.6.3)
      rack
    rack-test (1.0.0)
      rack (>= 1.0, < 3)
    sinatra (1.4.7)
      rack (~> 1.5)
      rack-protection (~> 1.4)
      tilt (>= 1.3, < 3)
    sinatra-contrib (1.4.7)
      backports (>= 2.0)
      multi_json
      rack-protection
      rack-test
      sinatra (~> 1.4.0)
      tilt (>= 1.3, < 3)
    tilt (2.0.4)

PLATFORMS
  ruby

DEPENDENCIES
  dotenv
  puma
  rack-proxy
  sinatra
  sinatra-contrib

RUBY VERSION
   ruby 2.4.2p198

BUNDLED WITH
   1.16.0
